GEM
  remote: https://rubygems.org/
  specs:
    ast (2.4.2)
    opal (1.7.1)
      ast (>= 2.3.0)
      parser (~> 3.0, >= 3.0.3.2)
    ovto (0.6.2)
      opal (>= 0.11, < 2)
      rack (~> 2.0)
      thor (>= 0.20)
    parser (3.2.0.0)
      ast (~> 2.4.1)
    rack (2.2.6.4)
    rake (13.0.6)
    thor (1.2.1)

PLATFORMS
  ruby

DEPENDENCIES
  ovto
  rack
  rake

BUNDLED WITH
   2.1.4
